GEM
  remote: http://rubygems.org/
  specs:
    activesupport (4.2.0)
      i18n (~> 0.7)
      json (~> 1.7, >= 1.7.7)
      minitest (~> 5.1)
      thread_safe (~> 0.3, >= 0.3.4)
      tzinfo (~> 1.1)
    claide (0.8.1)
    clamp (0.6.4)
    cocoapods (0.36.0)
      activesupport (>= 3.2.15)
      claide (~> 0.8.1)
      cocoapods-core (= 0.36.0)
      cocoapods-downloader (~> 0.8.1)
      cocoapods-plugins (~> 0.4.1)
      cocoapods-trunk (~> 0.6.0)
      cocoapods-try (~> 0.4.3)
      colored (~> 1.2)
      escape (~> 0.0.4)
      molinillo (~> 0.2.1)
      nap (~> 0.8)
      open4 (~> 1.3)
      xcodeproj (~> 0.23.0)
    cocoapods-core (0.36.0)
      activesupport (>= 3.2.15)
      fuzzy_match (~> 2.0.4)
      nap (~> 0.8.0)
    cocoapods-coverage (0.0.6)
      cocoapods-testing (>= 0.0.4)
      slather (>= 1.6.0)
    cocoapods-docstats (0.0.3)
      docstat
    cocoapods-downloader (0.8.1)
    cocoapods-packager (1.1.0)
    cocoapods-plugins (0.4.1)
      nap
    cocoapods-testing (0.0.6)
      xctasks
    cocoapods-trunk (0.6.0)
      nap (>= 0.8)
      netrc (= 0.7.8)
    cocoapods-try (0.4.3)
    colored (1.2)
    docstat (1.0.4)
      sqlite3
    escape (0.0.4)
    fuzzy_match (2.0.4)
    i18n (0.7.0)
    json (1.8.2)
    mini_portile (0.6.0)
    minitest (5.5.1)
    molinillo (0.2.1)
    nap (0.8.0)
    netrc (0.7.8)
    nokogiri (1.6.3.1)
      mini_portile (= 0.6.0)
    open4 (1.3.4)
    rake (10.4.2)
    slather (1.6.0)
      clamp (~> 0.6)
      nokogiri (~> 1.6.3)
      xcodeproj (~> 0.23.0)
    sqlite3 (1.3.10)
    thread_safe (0.3.5)
    tzinfo (1.2.2)
      thread_safe (~> 0.1)
    xcodeproj (0.23.0)
      activesupport (>= 3)
      colored (~> 1.2)
    xcpretty (0.1.8)
    xctasks (0.4.1)
      nokogiri (~> 1.6, >= 1.6.3.1)
      rake (~> 10.0, >= 10.0.0)

PLATFORMS
  ruby

DEPENDENCIES
  cocoapods (>= 0.36.0)
  cocoapods-coverage (>= 0.0.3)
  cocoapods-docstats
  cocoapods-packager
  nokogiri (= 1.6.3.1)
  xcpretty
